GEM
  remote: https://rubygems.org/
  specs:
    ansi (1.4.3)
    builder (3.2.2)
    cane (2.6.2)
      parallel
    celluloid (0.16.0)
      timers (~> 4.0.0)
    coderay (1.1.0)
    docile (1.1.5)
    ffi (1.9.6)
    formatador (0.2.5)
    guard (2.8.2)
      formatador (>= 0.2.4)
      listen (~> 2.7)
      lumberjack (~> 1.0)
      pry (>= 0.9.12)
      thor (>= 0.18.1)
    guard-minitest (2.3.2)
      guard (~> 2.0)
      minitest (>= 3.0)
    hitimes (1.2.2)
    listen (2.8.0)
      celluloid (>= 0.15.2)
      rb-fsevent (>= 0.9.3)
      rb-inotify (>= 0.9)
    lumberjack (1.0.9)
    method_source (0.8.2)
    minitest (5.4.3)
    minitest-reporters (1.0.7)
      ansi
      builder
      minitest (>= 5.0)
      ruby-progressbar
    multi_json (1.10.1)
    parallel (1.3.3)
    pry (0.10.1)
      coderay (~> 1.1.0)
      method_source (~> 0.8.1)
      slop (~> 3.4)
    rainbow (2.0.0)
    rake (10.3.2)
    rb-fsevent (0.9.4)
    rb-inotify (0.9.5)
      ffi (>= 0.5.0)
    reek (1.4.0)
      rainbow (>= 1.99, < 3.0)
      ruby2ruby (>= 2.0.8, < 3.0)
      ruby_parser (>= 3.5.0, < 4.0)
      sexp_processor (~> 4.4)
    ruby-progressbar (1.7.0)
    ruby2ruby (2.1.3)
      ruby_parser (~> 3.1)
      sexp_processor (~> 4.0)
    ruby_parser (3.6.3)
      sexp_processor (~> 4.1)
    sexp_processor (4.4.4)
    simplecov (0.9.1)
      docile (~> 1.1.0)
      multi_json (~> 1.0)
      simplecov-html (~> 0.8.0)
    simplecov-html (0.8.0)
    slop (3.6.0)
    thor (0.19.1)
    timers (4.0.1)
      hitimes

PLATFORMS
  ruby

DEPENDENCIES
  cane
  guard-minitest
  minitest (~> 5.4)
  minitest-reporters
  rake
  reek
  simplecov
